GEM
  remote: http://rubygems.org/
  specs:
    excon (0.45.4)
    faraday (0.9.2)
      multipart-post (>= 1.2, < 3)
    geolocater (0.1.0)
      faraday
      json
    json (1.8.3)
    mandrill-api (1.0.53)
      excon (>= 0.16.0, < 1.0)
      json (>= 1.7.7, < 2.0)
    multipart-post (2.0.0)
    pg (0.18.4)
    rack (1.6.4)
    rack-protection (1.5.3)
      rack
    sinatra (1.4.6)
      rack (~> 1.4)
      rack-protection (~> 1.4)
      tilt (>= 1.3, < 3)
    sqlite3 (1.3.11)
    tilt (2.0.1)

PLATFORMS
  ruby

DEPENDENCIES
  geolocater
  mandrill-api
  pg
  sinatra
  sqlite3

BUNDLED WITH
   1.11.2
